GEM
  remote: https://rubygems.org/
  specs:
    erubis (2.7.0)
    nio4r (2.5.8)
    puma (5.5.2)
      nio4r (~> 2.0)
    rack (2.2.3)
    roda (3.51.0)
      rack
    slim (4.1.0)
      temple (>= 0.7.6, < 0.9)
      tilt (>= 2.0.6, < 2.1)
    temple (0.8.2)
    tilt (2.0.10)

PLATFORMS
  x64-mingw32

DEPENDENCIES
  erubis
  puma
  roda
  slim
  tilt

BUNDLED WITH
   2.2.32
