GEM
  remote: https://rubygems.org/
  specs:
    nio4r (2.5.8)
    puma (5.5.2)
      nio4r (~> 2.0)
    rack (2.2.3)
    roda (3.51.0)
      rack

PLATFORMS
  x64-mingw32

DEPENDENCIES
  puma
  roda

BUNDLED WITH
   2.2.32
